GEM
  remote: http://rubygems.org/
  specs:
    cairo (1.17.12)
      native-package-installer (>= 1.0.3)
      pkg-config (>= 1.2.2)
      red-colors
    gdk_pixbuf2 (2.0.2)
      glib2 (= 2.0.2)
    glib2 (2.0.2)
      pkg-config
    matrix (0.4.2)
    native-package-installer (1.1.8)
    pkg-config (1.5.5)
    red-colors (0.3.0)
      matrix
    rmagick (5.3.0)
      pkg-config (~> 1.4)
    rsvg2 (2.0.2)
      cairo (>= 1.10.0)
      gdk_pixbuf2 (= 2.0.2)

PLATFORMS
  ruby

DEPENDENCIES
  rmagick
  rsvg2
